GEM
  remote: https://rubygems.org/
  specs:
    json (1.8.1)
    rack (1.5.2)
    rack-protection (1.5.2)
      rack
    sequel (4.8.0)
    shotgun (0.9)
      rack (>= 1.0)
    sinatra (1.4.4)
      rack (~> 1.4)
      rack-protection (~> 1.4)
      tilt (~> 1.3, >= 1.3.4)
    sqlite3 (1.3.9)
    sqlite3 (1.3.9-x86-mingw32)
    tilt (1.4.1)

PLATFORMS
  ruby
  x86-mingw32

DEPENDENCIES
  json (= 1.8.1)
  sequel (~> 4.8.0)
  shotgun (~> 0.9)
  sinatra (~> 1.4.4)
  sqlite3 (~> 1.3.9)
